STORAGE: NONE
RESTRICTION: || (== net5.0) (== netstandard2.0) (== netstandard2.1)
NUGET
  remote: https://api.nuget.org/v3/index.json
    Fable.AST (3.1.1)
    Fable.Browser.Blob (1.1.4)
      Fable.Core (>= 3.0)
      FSharp.Core (>= 4.7.2)
    Fable.Browser.Dom (2.6)
      Fable.Browser.Blob (>= 1.1.4)
      Fable.Browser.Event (>= 1.4.5)
      Fable.Browser.WebStorage (>= 1.0.4)
      Fable.Core (>= 3.0)
      FSharp.Core (>= 4.7.2)
    Fable.Browser.Event (1.4.6)
      Fable.Browser.Gamepad (>= 1.0.3)
      Fable.Core (>= 3.0)
      FSharp.Core (>= 4.7.2)
    Fable.Browser.Gamepad (1.0.3)
      Fable.Core (>= 3.0)
      FSharp.Core (>= 4.7.2)
    Fable.Browser.WebStorage (1.0.4)
      Fable.Browser.Event (>= 1.4.4)
      Fable.Core (>= 3.0)
      FSharp.Core (>= 4.7.2)
    Fable.Browser.XMLHttpRequest (1.1.6)
      Fable.Browser.Blob (>= 1.1.4)
      Fable.Browser.Event (>= 1.4.4)
      Fable.Core (>= 3.0)
      FSharp.Core (>= 4.7.2)
    Fable.Core (3.6.2)
    Fable.Elmish (3.1)
      Fable.Core (>= 3.0)
      FSharp.Core (>= 4.6.2)
    Fable.Elmish.Browser (3.0.4)
      Fable.Browser.Dom (>= 1.0)
      Fable.Core (>= 3.0)
      Fable.Elmish (>= 3.0)
      FSharp.Core (>= 4.6.2)
    Fable.Elmish.HMR (4.1)
      Fable.Core (>= 3.0)
      Fable.Elmish.Browser (>= 3.0.4)
      Fable.Elmish.React (>= 3.0.1)
      FSharp.Core (>= 4.6.2)
    Fable.Elmish.React (3.0.1)
      Fable.Core (>= 3.0)
      Fable.Elmish (>= 3.0)
      Fable.React (>= 5.1)
      FSharp.Core (>= 4.6.2)
    Fable.Mocha (2.10)
      Fable.Core (>= 3.0)
      FSharp.Core (>= 4.7)
    Fable.Parsimmon (4.1)
      Fable.Core (>= 3.0)
      FSharp.Core (>= 4.6.2)
    Fable.React (7.4.2)
      Fable.Browser.Dom (>= 2.4.4)
      Fable.Core (>= 3.2.7)
      FSharp.Core (>= 4.7.2)
    Fable.Remoting.Client (7.16)
      Fable.Browser.XMLHttpRequest (>= 1.0)
      Fable.Core (>= 3.1.5)
      Fable.Remoting.MsgPack (>= 1.13)
      Fable.SimpleJson (>= 3.21)
      FSharp.Core (>= 4.7)
    Fable.Remoting.Giraffe (5.5)
      Fable.Remoting.Server (>= 5.25) - restriction: || (== net5.0) (&& (== netstandard2.0) (>= net5.0)) (&& (== netstandard2.1) (>= net5.0))
      FSharp.Core (>= 5.0) - restriction: || (== net5.0) (&& (== netstandard2.0) (>= net5.0)) (&& (== netstandard2.1) (>= net5.0))
      Giraffe (>= 5.0) - restriction: || (== net5.0) (&& (== netstandard2.0) (>= net5.0)) (&& (== netstandard2.1) (>= net5.0))
    Fable.Remoting.Json (2.19) - restriction: || (== net5.0) (&& (== netstandard2.0) (>= net5.0)) (&& (== netstandard2.1) (>= net5.0))
      FSharp.Core (>= 4.7.2)
      Newtonsoft.Json (>= 12.0.2)
    Fable.Remoting.MsgPack (1.13)
      FSharp.Core (>= 4.7.2)
    Fable.Remoting.Server (5.25) - restriction: || (== net5.0) (&& (== netstandard2.0) (>= net5.0)) (&& (== netstandard2.1) (>= net5.0))
      Fable.Remoting.Json (>= 2.19)
      Fable.Remoting.MsgPack (>= 1.13)
      FSharp.Core (>= 4.7.2)
    Fable.SimpleJson (3.21)
      Fable.Core (>= 3.1.5)
      Fable.Parsimmon (>= 4.0)
      FSharp.Core (>= 4.7)
    Feliz (1.53)
      Fable.Core (>= 3.1.5)
      Fable.React (>= 7.4)
      Feliz.CompilerPlugins (>= 1.6)
      FSharp.Core (>= 4.7.2)
    Feliz.Bulma (2.18)
      Feliz (>= 1.32)
      FSharp.Core (>= 4.7.2)
    Feliz.CompilerPlugins (1.6)
      Fable.AST (>= 3.0)
      FSharp.Core (>= 4.7.2)
    FSharp.Core (5.0.2)
    Fulma (2.14.1)
      Fable.Core (>= 3.2.6)
      Fable.React (>= 7.4)
    Giraffe (5.0)
      FSharp.Core (>= 5.0) - restriction: || (== net5.0) (&& (== netstandard2.0) (>= net5.0)) (&& (== netstandard2.1) (>= net5.0))
      Giraffe.ViewEngine (>= 1.3) - restriction: || (== net5.0) (&& (== netstandard2.0) (>= net5.0)) (&& (== netstandard2.1) (>= net5.0))
      Microsoft.IO.RecyclableMemoryStream (>= 1.3.6) - restriction: || (== net5.0) (&& (== netstandard2.0) (>= net5.0)) (&& (== netstandard2.1) (>= net5.0))
      Newtonsoft.Json (>= 12.0.3) - restriction: || (== net5.0) (&& (== netstandard2.0) (>= net5.0)) (&& (== netstandard2.1) (>= net5.0))
      Ply (>= 0.3.1) - restriction: || (== net5.0) (&& (== netstandard2.0) (>= net5.0)) (&& (== netstandard2.1) (>= net5.0))
      System.Text.Json (>= 5.0.2) - restriction: || (== net5.0) (&& (== netstandard2.0) (>= net5.0)) (&& (== netstandard2.1) (>= net5.0))
      Utf8Json (>= 1.3.7) - restriction: || (== net5.0) (&& (== netstandard2.0) (>= net5.0)) (&& (== netstandard2.1) (>= net5.0))
    Giraffe.ViewEngine (1.4)
      FSharp.Core (>= 5.0)
    Microsoft.IO.RecyclableMemoryStream (2.2) - restriction: || (== net5.0) (&& (== netstandard2.0) (>= net5.0)) (&& (== netstandard2.1) (>= net5.0))
    Newtonsoft.Json (13.0.1) - restriction: || (== net5.0) (&& (== netstandard2.0) (>= net5.0)) (&& (== netstandard2.1) (>= net5.0))
    Ply (0.3.1)
      FSharp.Core (>= 4.6.2)
      System.Threading.Tasks.Extensions (>= 4.5.4)
    System.Reflection.Emit (4.7) - restriction: || (== net5.0) (&& (== netstandard2.0) (>= net5.0)) (&& (== netstandard2.1) (>= net5.0))
    System.Reflection.Emit.Lightweight (4.7) - restriction: || (== net5.0) (&& (== netstandard2.0) (>= net5.0)) (&& (== netstandard2.1) (>= net5.0))
    System.Runtime.CompilerServices.Unsafe (5.0) - restriction: || (&& (== net5.0) (>= net461)) (&& (== net5.0) (< netcoreapp2.1)) (&& (== net5.0) (< netstandard1.0)) (&& (== net5.0) (< netstandard2.0)) (&& (== net5.0) (>= wp8)) (== netstandard2.0) (== netstandard2.1)
    System.Text.Json (5.0.2) - restriction: || (== net5.0) (&& (== netstandard2.0) (>= net5.0)) (&& (== netstandard2.1) (>= net5.0))
    System.Threading.Tasks.Extensions (4.5.4)
      System.Runtime.CompilerServices.Unsafe (>= 4.5.3) - restriction: || (&& (== net5.0) (>= net461)) (&& (== net5.0) (< netcoreapp2.1)) (&& (== net5.0) (< netstandard1.0)) (&& (== net5.0) (< netstandard2.0)) (&& (== net5.0) (>= wp8)) (== netstandard2.0) (== netstandard2.1)
    System.ValueTuple (4.5) - restriction: || (== net5.0) (&& (== netstandard2.0) (>= net5.0)) (&& (== netstandard2.1) (>= net5.0))
    Utf8Json (1.3.7) - restriction: || (== net5.0) (&& (== netstandard2.0) (>= net5.0)) (&& (== netstandard2.1) (>= net5.0))
      System.Reflection.Emit (>= 4.3)
      System.Reflection.Emit.Lightweight (>= 4.3)
      System.Threading.Tasks.Extensions (>= 4.4)
      System.ValueTuple (>= 4.4)
